GIT
  remote: git://github.com/mattheworiordan/recursive-open-struct.git
  revision: 8178fa5432584f0397cf545badf8a26b7f339ed5
  specs:
    recursive-open-struct (0.2.2)

GIT
  remote: https://github.com/cwninja/rack-force_domain.git
  revision: b169af179fc3a8e1990cac18add093f30a654ed3
  specs:
    rack-force_domain (0.3.0)

GEM
  remote: http://rubygems.org/
  specs:
    Ascii85 (1.0.2)
    ably (0.8.7)
      addressable (>= 2.0.0)
      em-http-request (~> 1.1)
      eventmachine (~> 1.0)
      faraday (~> 0.9)
      json
      msgpack (>= 0.6.2)
      statesman (~> 1.0.0)
      websocket-driver (~> 0.3)
    actionmailer (3.2.22)
      actionpack (= 3.2.22)
      mail (~> 2.5.4)
    actionpack (3.2.22)
      activemodel (= 3.2.22)
      activesupport (= 3.2.22)
      builder (~> 3.0.0)
      erubis (~> 2.7.0)
      journey (~> 1.0.4)
      rack (~> 1.4.5)
      rack-cache (~> 1.2)
      rack-test (~> 0.6.1)
      sprockets (~> 2.2.1)
    activemodel (3.2.22)
      activesupport (= 3.2.22)
      builder (~> 3.0.0)
    activerecord (3.2.22)
      activemodel (= 3.2.22)
      activesupport (= 3.2.22)
      arel (~> 3.0.2)
      tzinfo (~> 0.3.29)
    activeresource (3.2.22)
      activemodel (= 3.2.22)
      activesupport (= 3.2.22)
    activesupport (3.2.22)
      i18n (~> 0.6, >= 0.6.4)
      multi_json (~> 1.0)
    acts_as_list (0.2.0)
      activerecord (>= 3.0)
    addressable (2.4.0)
    afm (0.2.2)
    arel (3.0.3)
    awesome_print (1.6.1)
    bcrypt (3.1.10)
    bcrypt-ruby (3.1.5)
      bcrypt (>= 3.1.3)
    better_errors (2.1.1)
      coderay (>= 1.0.0)
      erubis (>= 2.6.6)
      rack (>= 0.9.0)
    binding_of_caller (0.7.2)
      debug_inspector (>= 0.0.1)
    builder (3.0.4)
    byebug (8.2.1)
    capybara (2.5.0)
      mime-types (>= 1.16)
      nokogiri (>= 1.3.3)
      rack (>= 1.0.0)
      rack-test (>= 0.5.4)
      xpath (~> 2.0)
    capybara-screenshot (1.0.11)
      capybara (>= 1.0, < 3)
      launchy
    celluloid (0.15.2)
      timers (~> 1.1.0)
    chunky_png (1.3.5)
    cliver (0.3.2)
    coderay (1.1.0)
    compass (1.0.3)
      chunky_png (~> 1.2)
      compass-core (~> 1.0.2)
      compass-import-once (~> 1.0.5)
      rb-fsevent (>= 0.9.3)
      rb-inotify (>= 0.9)
      sass (>= 3.3.13, < 3.5)
    compass-960-plugin (0.10.4)
      compass (>= 0.10.0)
    compass-core (1.0.3)
      multi_json (~> 1.0)
      sass (>= 3.3.0, < 3.5)
    compass-import-once (1.0.5)
      sass (>= 3.2, < 3.5)
    compass-rails (2.0.5)
      compass (~> 1.0.0)
      sass-rails (< 5.1)
      sprockets (< 2.13)
    connection_pool (2.2.0)
    cookiejar (0.3.0)
    cucumber (1.3.20)
      builder (>= 2.1.2)
      diff-lcs (>= 1.1.3)
      gherkin (~> 2.12)
      multi_json (>= 1.7.5, < 2.0)
      multi_test (>= 0.1.2)
    cucumber-rails (1.4.2)
      capybara (>= 1.1.2, < 3)
      cucumber (>= 1.3.8, < 2)
      mime-types (>= 1.16, < 3)
      nokogiri (~> 1.5)
      rails (>= 3, < 5)
    daemons (1.2.3)
    database_cleaner (1.5.1)
    debug_inspector (0.0.2)
    deep_merge (1.0.1)
    devise (2.1.4)
      bcrypt-ruby (~> 3.0)
      orm_adapter (~> 0.1)
      railties (~> 3.1)
      warden (~> 1.2.1)
    devise-async (0.4.0)
      devise (>= 1.1)
    devise-encryptable (0.1.2)
      devise (>= 2.1.0)
    diff-lcs (1.1.3)
    docile (1.1.5)
    dotenv (2.0.1)
    dotenv-rails (2.0.1)
      dotenv (= 2.0.1)
    ejs (1.1.1)
    em-http-request (1.1.3)
      addressable (>= 2.3.4)
      cookiejar (<= 0.3.0)
      em-socksify (>= 0.3)
      eventmachine (>= 1.0.3)
      http_parser.rb (>= 0.6.0)
    em-socksify (0.3.1)
      eventmachine (>= 1.0.0.beta.4)
    email_spec (1.6.0)
      launchy (~> 2.1)
      mail (~> 2.2)
    erubis (2.7.0)
    eventmachine (1.0.9)
    exceptional (2.0.33)
      rack
    execjs (2.6.0)
    factory_girl (4.5.0)
      activesupport (>= 3.0.0)
    factory_girl_rails (4.5.0)
      factory_girl (~> 4.5.0)
      railties (>= 3.0.0)
    faraday (0.9.2)
      multipart-post (>= 1.2, < 3)
    ffi (1.9.10)
    foreman (0.78.0)
      thor (~> 0.19.1)
    gherkin (2.12.2)
      multi_json (~> 1.3)
    haml (4.0.7)
      tilt
    hashery (2.1.1)
    hike (1.2.3)
    hpricot (0.8.6)
    http_parser.rb (0.6.0)
    httparty (0.13.0)
      json (~> 1.8)
      multi_xml (>= 0.5.2)
    i18n (0.7.0)
    journey (1.0.4)
    jquery-rails (2.1.3)
      railties (>= 3.1.0, < 5.0)
      thor (~> 0.14)
    jslint_on_rails (1.1.1)
    json (1.8.1)
    kgio (2.10.0)
    launchy (2.4.3)
      addressable (~> 2.3)
    lograge (0.3.5)
      actionpack (>= 3)
      activesupport (>= 3)
      railties (>= 3)
    mail (2.5.4)
      mime-types (~> 1.16)
      treetop (~> 1.4.8)
    method_source (0.8.2)
    mime-types (1.25.1)
    mini_portile2 (2.0.0)
    minitest (5.8.3)
    msgpack (0.7.4)
    multi_json (1.11.2)
    multi_test (0.1.2)
    multi_xml (0.5.5)
    multipart-post (2.0.0)
    newrelic_rpm (3.14.1.311)
    nokogiri (1.6.7.1)
      mini_portile2 (~> 2.0.0.rc2)
    orm_adapter (0.5.0)
    pdf-core (0.1.6)
    pdf-reader (1.3.3)
      Ascii85 (~> 1.0.0)
      afm (~> 0.2.0)
      hashery (~> 2.0)
      ruby-rc4
      ttfunk
    pg (0.18.4)
    poltergeist (1.8.1)
      capybara (~> 2.1)
      cliver (~> 0.3.1)
      multi_json (~> 1.0)
      websocket-driver (>= 0.2.0)
    polyglot (0.3.5)
    power_assert (0.2.7)
    prawn (0.15.0)
      pdf-core (~> 0.1.3)
      ttfunk (~> 1.1.0)
    pry (0.10.3)
      coderay (~> 1.1.0)
      method_source (~> 0.8.1)
      slop (~> 3.4)
    pry-byebug (3.3.0)
      byebug (~> 8.0)
      pry (~> 0.10)
    pry-rails (0.3.4)
      pry (>= 0.9.10)
    quiet_assets (1.1.0)
      railties (>= 3.1, < 5.0)
    rack (1.4.7)
    rack-cache (1.5.1)
      rack (>= 0.4)
    rack-protection (1.5.3)
      rack
    rack-ssl (1.3.4)
      rack
    rack-test (0.6.3)
      rack (>= 1.0)
    rails (3.2.22)
      actionmailer (= 3.2.22)
      actionpack (= 3.2.22)
      activerecord (= 3.2.22)
      activeresource (= 3.2.22)
      activesupport (= 3.2.22)
      bundler (~> 1.0)
      railties (= 3.2.22)
    rails_12factor (0.0.3)
      rails_serve_static_assets
      rails_stdout_logging
    rails_serve_static_assets (0.0.4)
    rails_stdout_logging (0.0.4)
    railties (3.2.22)
      actionpack (= 3.2.22)
      activesupport (= 3.2.22)
      rack-ssl (~> 1.3.2)
      rake (>= 0.8.7)
      rdoc (~> 3.4)
      thor (>= 0.14.6, < 2.0)
    raindrops (0.15.0)
    rake (10.5.0)
    rb-fsevent (0.9.7)
    rb-inotify (0.9.5)
      ffi (>= 0.5.0)
    rdoc (3.12.2)
      json (~> 1.4)
    redis (3.2.2)
    redis-namespace (1.5.2)
      redis (~> 3.0, >= 3.0.4)
    rspec (2.7.0)
      rspec-core (~> 2.7.0)
      rspec-expectations (~> 2.7.0)
      rspec-mocks (~> 2.7.0)
    rspec-core (2.7.1)
    rspec-expectations (2.7.0)
      diff-lcs (~> 1.1.2)
    rspec-mocks (2.7.0)
    rspec-rails (2.7.0)
      actionpack (~> 3.0)
      activesupport (~> 3.0)
      railties (~> 3.0)
      rspec (~> 2.7.0)
    ruby-rc4 (0.1.5)
    ruby_parser (3.7.2)
      sexp_processor (~> 4.1)
    sass (3.4.21)
    sass-rails (3.2.6)
      railties (~> 3.2.0)
      sass (>= 3.1.10)
      tilt (~> 1.3)
    sexp_processor (4.6.0)
    shortly (0.3.5)
      httparty (= 0.13.0)
      json (= 1.8.1)
    shoulda-matchers (2.8.0)
      activesupport (>= 3.0.0)
    sidekiq (2.17.8)
      celluloid (= 0.15.2)
      connection_pool (~> 2.0)
      json
      redis (~> 3.1)
      redis-namespace (~> 1.3)
    simplecov (0.11.1)
      docile (~> 1.1.0)
      json (~> 1.8)
      simplecov-html (~> 0.10.0)
    simplecov-html (0.10.0)
    sinatra (1.3.6)
      rack (~> 1.4)
      rack-protection (~> 1.3)
      tilt (~> 1.3, >= 1.3.3)
    slim (1.3.9)
      temple (~> 0.6.3)
      tilt (~> 1.3, >= 1.3.3)
    slop (3.6.0)
    sprockets (2.2.3)
      hike (~> 1.2)
      multi_json (~> 1.0)
      rack (~> 1.0)
      tilt (~> 1.1, != 1.3.0)
    statesman (1.0.0)
    temple (0.6.10)
    test-unit (3.1.5)
      power_assert
    thin (1.6.4)
      daemons (~> 1.0, >= 1.0.9)
      eventmachine (~> 1.0, >= 1.0.4)
      rack (~> 1.0)
    thor (0.19.1)
    tilt (1.4.1)
    timecop (0.8.0)
    timers (1.1.0)
    treetop (1.4.15)
      polyglot
      polyglot (>= 0.3.1)
    ttfunk (1.1.1)
    turbo-sprockets-rails3 (0.3.14)
      railties (> 3.2.8, < 4.0.0)
      sprockets (>= 2.2.0)
    tzinfo (0.3.46)
    uglifier (2.7.2)
      execjs (>= 0.3.0)
      json (>= 1.8.0)
    unicorn (5.0.1)
      kgio (~> 2.6)
      rack
      raindrops (~> 0.7)
    warden (1.2.4)
      rack (>= 1.0)
    webrat (0.7.3)
      nokogiri (>= 1.2.0)
      rack (>= 1.0)
      rack-test (>= 0.5.3)
    websocket-driver (0.6.3)
      websocket-extensions (>= 0.1.0)
    websocket-extensions (0.1.2)
    will_paginate (3.1.0)
    xml-object (0.9.93)
    xpath (2.0.0)
      nokogiri (~> 1.3)

PLATFORMS
  ruby

DEPENDENCIES
  ably
  acts_as_list (~> 0.2.0)
  awesome_print
  better_errors
  binding_of_caller
  capybara (~> 2.0)
  capybara-screenshot
  compass
  compass-960-plugin
  compass-rails
  cucumber-rails
  database_cleaner
  deep_merge
  devise (~> 2.1.2)
  devise-async (~> 0.4.0)
  devise-encryptable (~> 0.1.1)
  dotenv-rails
  ejs
  email_spec
  eventmachine (~> 1.0.4)
  exceptional
  factory_girl_rails
  foreman
  haml
  hpricot
  jquery-rails (~> 2.1.3)
  jslint_on_rails
  launchy (>= 2)
  lograge
  minitest
  newrelic_rpm
  pdf-reader
  pg
  poltergeist
  prawn (~> 0.12)
  pry
  pry-byebug
  pry-rails
  quiet_assets
  rack
  rack-force_domain!
  rails (~> 3.2.18)
  rails_12factor
  recursive-open-struct!
  rspec (~> 2.7.0)
  rspec-rails (~> 2.7.0)
  ruby_parser
  sass-rails
  shortly
  shoulda-matchers
  sidekiq (~> 2.3)
  simplecov
  sinatra (~> 1.3.0)
  slim (~> 1.3.0)
  test-unit
  thin
  timecop
  turbo-sprockets-rails3
  uglifier
  unicorn
  webrat
  will_paginate
  xml-object

BUNDLED WITH
   1.10.6
